GEM
  remote: https://rubygems.org/
  specs:
    activesupport (3.2.17)
      i18n (~> 0.6, >= 0.6.4)
      multi_json (~> 1.0)
    claide (0.3.2)
    cocoapods (0.24.0)
      activesupport (~> 3.0)
      claide (~> 0.3.2)
      cocoapods-core (= 0.24.0)
      cocoapods-downloader (~> 0.2.0)
      colored (~> 1.2)
      escape (~> 0.0.4)
      json (~> 1.8)
      open4 (~> 1.3)
      xcodeproj (~> 0.10.0)
    cocoapods-core (0.24.0)
      activesupport (~> 3.0)
      json (~> 1.8)
      nap (~> 0.5)
    cocoapods-downloader (0.2.0)
    colored (1.2)
    core_data (0.0.4)
      nokogiri (~> 1.4)
    escape (0.0.4)
    fwtoolkit (1.0.5)
      bundler
      core_data (~> 0.0.4)
      rake (~> 10.0.3)
      rubyzip (~> 0.9.9)
      thor (~> 0.17.0)
      xcodebuild-rb (~> 0.3.0)
      xcodeproj (~> 0.10.1)
    i18n (0.6.9)
    json (1.8.1)
    mini_portile (0.5.2)
    multi_json (1.8.4)
    nap (0.6.0)
    nokogiri (1.6.1)
      mini_portile (~> 0.5.0)
    open4 (1.3.1)
    rake (10.0.4)
    rubyzip (0.9.9)
    state_machine (1.1.2)
    thor (0.17.0)
    xcodebuild-rb (0.3.0)
      state_machine (~> 1.1.2)
    xcodeproj (0.10.1)
      activesupport (~> 3.0)
      colored (~> 1.2)

PLATFORMS
  ruby

DEPENDENCIES
  cocoapods
  fwtoolkit
